GIT
  remote: git://github.com/arvicco/amqp-spec.git
  revision: c268ea412c7c358c2cb059069ecffcf0c843d227
  specs:
    amqp-spec (0.1.12)
      amqp (~> 0.6.7)

GEM
  remote: http://rubygems.org/
  specs:
    amqp (0.6.7)
      eventmachine (>= 0.12.4)
    builder (2.1.2)
    cucumber (0.9.2)
      builder (~> 2.1.2)
      diff-lcs (~> 1.1.2)
      gherkin (~> 2.2.5)
      json (~> 1.4.6)
      term-ansicolor (~> 1.0.5)
    diff-lcs (1.1.2)
    eventmachine (0.12.11)
    gherkin (2.2.9)
      json (~> 1.4.6)
      term-ansicolor (~> 1.0.5)
    json (1.4.6)
    rspec (1.3.1)
    term-ansicolor (1.0.5)

PLATFORMS
  ruby

DEPENDENCIES
  amqp (~> 0.6.6)
  amqp-spec (>= 0.1.8)!
  cucumber
  rspec (~> 1.3.0)
