GEM
  remote: http://rubygems.org/
  specs:
    amqp (0.6.7)
      eventmachine (>= 0.12.4)
    amqp-spec (0.2.1)
      amqp (~> 0.6.7)
    builder (2.1.2)
    cucumber (0.9.2)
      builder (~> 2.1.2)
      diff-lcs (~> 1.1.2)
      gherkin (~> 2.2.5)
      json (~> 1.4.6)
      term-ansicolor (~> 1.0.5)
    diff-lcs (1.1.2)
    eventmachine (0.12.11)
    gherkin (2.2.9)
      json (~> 1.4.6)
      term-ansicolor (~> 1.0.5)
    gherkin (2.2.9-x86-mingw32)
      json (~> 1.4.6)
      term-ansicolor (~> 1.0.5)
    json (1.4.6)
    json (1.4.6-x86-mingw32)
    macaddr (1.0.0)
    my_scripts (0.1.12)
    rspec (2.0.1)
      rspec-core (~> 2.0.1)
      rspec-expectations (~> 2.0.1)
      rspec-mocks (~> 2.0.1)
    rspec-core (2.0.1)
    rspec-expectations (2.0.1)
      diff-lcs (>= 1.1.2)
    rspec-mocks (2.0.1)
      rspec-core (~> 2.0.1)
      rspec-expectations (~> 2.0.1)
    term-ansicolor (1.0.5)
    uuid (2.3.1)
      macaddr (~> 1.0)

PLATFORMS
  ruby
  x86-mingw32

DEPENDENCIES
  amqp (~> 0.6.6)
  amqp-spec (>= 0.2.1)
  cucumber
  my_scripts (>= 0.1.12)
  rspec (~> 2.0.0)
  uuid
